GEM
  remote: http://rubygems.org/
  specs:
    Ascii85 (1.0.2)
    abstract (1.0.0)
    actionmailer (3.0.20)
      actionpack (= 3.0.20)
      mail (~> 2.2.19)
    actionpack (3.0.20)
      activemodel (= 3.0.20)
      activesupport (= 3.0.20)
      builder (~> 2.1.2)
      erubis (~> 2.6.6)
      i18n (~> 0.5.0)
      rack (~> 1.2.5)
      rack-mount (~> 0.6.14)
      rack-test (~> 0.5.7)
      tzinfo (~> 0.3.23)
    activemodel (3.0.20)
      activesupport (= 3.0.20)
      builder (~> 2.1.2)
      i18n (~> 0.5.0)
    activerecord (3.0.20)
      activemodel (= 3.0.20)
      activesupport (= 3.0.20)
      arel (~> 2.0.10)
      tzinfo (~> 0.3.23)
    activeresource (3.0.20)
      activemodel (= 3.0.20)
      activesupport (= 3.0.20)
    activesupport (3.0.20)
    afm (0.2.2)
    arel (2.0.10)
    builder (2.1.2)
    colored (1.2)
    combo_box (0.0.10)
      jquery-rails
      rails (~> 3)
    erubis (2.6.6)
      abstract (>= 1.0.0)
    exception_notification (2.5.2)
      actionmailer (>= 3.0.4)
    fastercsv (1.5.5)
    formize (0.0.27)
      jquery-rails
      rails (~> 3)
    haml (4.0.6)
      tilt
    hashery (2.1.1)
    i18n (0.5.0)
    jquery-rails (1.0.19)
      railties (~> 3.0)
      thor (~> 0.14)
    json (1.8.3)
    libxml-ruby (2.4.0)
    mail (2.2.20)
      activesupport (>= 2.3.6)
      i18n (>= 0.4.0)
      mime-types (~> 1.16)
      treetop (~> 1.4.8)
    mime-types (1.25.1)
    mysql (2.9.1)
    pdf-reader (1.3.3)
      Ascii85 (~> 1.0.0)
      afm (~> 0.2.0)
      hashery (~> 2.0)
      ruby-rc4
      ttfunk
    pg (0.17.1)
    polyglot (0.3.5)
    prawn (0.12.0)
      pdf-reader (>= 0.9.0)
      ttfunk (~> 1.0.2)
    rack (1.2.8)
    rack-mount (0.6.14)
      rack (>= 1.0.0)
    rack-test (0.5.7)
      rack (>= 1.0)
    rails (3.0.20)
      actionmailer (= 3.0.20)
      actionpack (= 3.0.20)
      activerecord (= 3.0.20)
      activeresource (= 3.0.20)
      activesupport (= 3.0.20)
      bundler (~> 1.0)
      railties (= 3.0.20)
    railties (3.0.20)
      actionpack (= 3.0.20)
      activesupport (= 3.0.20)
      rake (>= 0.8.7)
      rdoc (~> 3.4)
      thor (~> 0.14.4)
    rake (10.4.2)
    rdoc (3.12.2)
      json (~> 1.4)
    ruby-rc4 (0.1.5)
    rubyzip (0.9.9)
    sqlite3 (1.3.10)
    state_machine (0.9.4)
    thor (0.14.6)
    tilt (2.0.1)
    timecop (0.6.1)
    treetop (1.4.15)
      polyglot
      polyglot (>= 0.3.1)
    ttfunk (1.0.3)
    tzinfo (0.3.44)
    will_paginate (3.0.7)

PLATFORMS
  ruby

DEPENDENCIES
  colored
  combo_box (~> 0.0.10)
  exception_notification (~> 2.5.2)
  fastercsv (~> 1.5.4)
  formize (~> 0.0.20)
  haml (~> 4.0)
  i18n (= 0.5.0)
  jquery-rails (~> 1.0)
  libxml-ruby (~> 2.4.0)
  mysql
  pg (~> 0.17.0)
  prawn (~> 0.12.0)
  rails (= 3.0.20)
  rubyzip (< 1)
  sqlite3
  state_machine (= 0.9.4)
  timecop (= 0.6.1)
  will_paginate (~> 3.0)
